GEM
  remote: https://rubygems.org/
  specs:
    minitest (5.15.0)
    rake (13.0.6)
    sqlite3 (1.4.2)

GEM
  remote: https://rubygems.pkg.github.com/burnt43/
  specs:
    ruby-file-reader (1.0.5)

PLATFORMS
  x86_64-linux

DEPENDENCIES
  minitest
  rake
  ruby-file-reader (= 1.0.5)!
  sqlite3

BUNDLED WITH
   2.2.20
